GEM
  remote: http://rubygems.org/
  specs:
    activesupport (3.2.13)
      i18n (= 0.6.1)
      multi_json (~> 1.0)
    clockwork (0.5.2)
      activesupport
      tzinfo (~> 0.3.35)
    i18n (0.6.1)
    mail (2.5.4)
      mime-types (~> 1.16)
      treetop (~> 1.4.8)
    mime-types (1.23)
    multi_json (1.7.5)
    polyglot (0.3.3)
    pony (1.4.1)
      mail (> 2.0)
    simple-rss (1.2.3)
    treetop (1.4.12)
      polyglot
      polyglot (>= 0.3.1)
    tzinfo (0.3.37)

PLATFORMS
  ruby

DEPENDENCIES
  clockwork
  pony
  simple-rss
